GEM
  remote: http://rubygems.org/
  specs:
    SystemTimer (1.2.3)
    activesupport (3.2.3)
      i18n (~> 0.6)
      multi_json (~> 1.0)
    addressable (2.2.7)
    chunky_png (1.2.5)
    compass (0.11.5)
      chunky_png (~> 1.2)
      fssm (>= 0.2.7)
      sass (~> 3.1)
    faraday (0.7.6)
      addressable (~> 2.2)
      multipart-post (~> 1.1)
      rack (~> 1.1)
    fssm (0.2.7)
    haml (3.1.4)
    hashie (1.2.0)
    hiredis (0.4.3)
    i18n (0.6.0)
    json (1.6.3)
    kgio (2.6.0)
    multi_json (1.2.0)
    multipart-post (1.1.5)
    oauth (0.4.5)
    omniauth (1.0.3)
      hashie (~> 1.2)
      rack
    omniauth-oauth (1.0.1)
      oauth
      omniauth (~> 1.0)
    omniauth-twitter (0.0.9)
      omniauth-oauth (~> 1.0)
    rack (1.3.5)
    rack-protection (1.1.4)
      rack
    raindrops (0.8.0)
    rake (0.9.2.2)
    redis (2.2.2)
    ruby-hmac (0.4.0)
    sass (3.1.11)
    simple_oauth (0.1.5)
    sinatra (1.3.1)
      rack (~> 1.3, >= 1.3.4)
      rack-protection (~> 1.1, >= 1.1.2)
      tilt (~> 1.3, >= 1.3.3)
    tilt (1.3.3)
    twitter (2.2.0)
      activesupport (>= 2.3.9, < 4)
      faraday (~> 0.7)
      multi_json (~> 1.0)
      simple_oauth (~> 0.1)
    unicorn (4.1.1)
      kgio (~> 2.4)
      rack
      raindrops (~> 0.6)

PLATFORMS
  ruby

DEPENDENCIES
  SystemTimer
  compass
  haml
  hiredis
  json
  omniauth
  omniauth-twitter
  rake
  redis
  ruby-hmac
  sass
  sinatra
  twitter
  unicorn
